GEM
  remote: https://rubygems.org/
  specs:
    byebug (9.0.5)
    coderay (1.1.1)
    method_source (0.8.2)
    pry (0.10.4)
      coderay (~> 1.1.0)
      method_source (~> 0.8.1)
      slop (~> 3.4)
    pry-byebug (3.4.0)
      byebug (~> 9.0)
      pry (~> 0.10)
    pry-inline (1.0.2)
      pry (~> 0.10.0)
      unicode (~> 0.4.4)
    rack (1.6.4)
    rack-protection (1.5.3)
      rack
    sequel (4.37.0)
    sinatra (1.4.7)
      rack (~> 1.5)
      rack-protection (~> 1.4)
      tilt (>= 1.3, < 3)
    slop (3.6.0)
    sqlite3 (1.3.11)
    tilt (2.0.5)
    unicode (0.4.4.2)

PLATFORMS
  ruby

DEPENDENCIES
  pry
  pry-byebug
  pry-inline
  sequel
  sinatra
  sqlite3

BUNDLED WITH
   1.12.5
